PATH
  remote: .
  specs:
    dockertags (0.0.1)
      commander (~> 4.3)
      faraday
      sqlite3

GEM
  remote: https://rubygems.org/
  specs:
    ast (2.2.0)
    commander (4.3.5)
      highline (~> 1.7.2)
    faraday (0.9.2)
      multipart-post (>= 1.2, < 3)
    highline (1.7.8)
    multipart-post (2.0.0)
    parser (2.3.0.2)
      ast (~> 2.2)
    powerpack (0.1.1)
    rainbow (2.1.0)
    rake (10.4.2)
    rubocop (0.36.0)
      parser (>= 2.3.0.0, < 3.0)
      powerpack (~> 0.1)
      rainbow (>= 1.99.1, < 3.0)
      ruby-progressbar (~> 1.7)
    ruby-progressbar (1.7.5)
    sqlite3 (1.3.10)

PLATFORMS
  ruby

DEPENDENCIES
  bundler (~> 1.3)
  dockertags!
  rake
  rubocop

BUNDLED WITH
   1.10.6
